GIT
  remote: git://github.com/jim/carmen.git
  revision: 70bc3a24ee2b7649d52020e2fbaa09ed0517ef58
  specs:
    carmen (1.0.0.beta2)

GEM
  remote: http://rubygems.org/
  specs:
    json (1.7.4)
    nokogiri (1.5.5)
    rake (0.9.2.2)

PLATFORMS
  ruby

DEPENDENCIES
  carmen (= 1.0.0.beta2)!
  json (= 1.7.4)
  nokogiri (= 1.5.5)
  rake (= 0.9.2.2)
